GIT
  remote: git://github.com/gregbell/active_admin.git
  revision: a0bf8da21b7a6f37e1ad28790187e0244a0d5466
  specs:
    activeadmin (1.0.0.pre)
      arbre (~> 1.0, >= 1.0.2)
      bourbon
      coffee-rails
      formtastic (~> 3.1)
      formtastic_i18n
      inherited_resources (~> 1.6)
      jquery-rails
      jquery-ui-rails (~> 5.0)
      kaminari (~> 0.15)
      rails (>= 3.2, < 5.0)
      ransack (~> 1.3)
      sass-rails

GEM
  remote: https://rubygems.org/
  specs:
    actionmailer (4.2.0)
      actionpack (= 4.2.0)
      actionview (= 4.2.0)
      activejob (= 4.2.0)
      mail (~> 2.5, >= 2.5.4)
      rails-dom-testing (~> 1.0, >= 1.0.5)
    actionpack (4.2.0)
      actionview (= 4.2.0)
      activesupport (= 4.2.0)
      rack (~> 1.6.0)
      rack-test (~> 0.6.2)
      rails-dom-testing (~> 1.0, >= 1.0.5)
      rails-html-sanitizer (~> 1.0, >= 1.0.1)
    actionview (4.2.0)
      activesupport (= 4.2.0)
      builder (~> 3.1)
      erubis (~> 2.7.0)
      rails-dom-testing (~> 1.0, >= 1.0.5)
      rails-html-sanitizer (~> 1.0, >= 1.0.1)
    active_model_serializers (0.8.3)
      activemodel (>= 3.0)
    activejob (4.2.0)
      activesupport (= 4.2.0)
      globalid (>= 0.3.0)
    activemodel (4.2.0)
      activesupport (= 4.2.0)
      builder (~> 3.1)
    activerecord (4.2.0)
      activemodel (= 4.2.0)
      activesupport (= 4.2.0)
      arel (~> 6.0)
    activesupport (4.2.0)
      i18n (~> 0.7)
      json (~> 1.7, >= 1.7.7)
      minitest (~> 5.1)
      thread_safe (~> 0.3, >= 0.3.4)
      tzinfo (~> 1.1)
    arbre (1.0.3)
      activesupport (>= 3.0.0)
    arel (6.0.0)
    barber (0.6.0)
      ember-source
      execjs
      handlebars-source (>= 1.0.0.rc.4)
    barber-emblem (0.1.2)
      barber (>= 0.4.1)
      emblem-source
    bcrypt (3.1.10)
    bourbon (4.2.1)
      sass (~> 3.4)
      thor
    builder (3.2.2)
    chunky_png (1.3.4)
    climate_control (0.0.3)
      activesupport (>= 3.0)
    cocaine (0.5.5)
      climate_control (>= 0.0.3, < 1.0)
    coffee-rails (4.1.0)
      coffee-script (>= 2.2.0)
      railties (>= 4.0.0, < 5.0)
    coffee-script (2.3.0)
      coffee-script-source
      execjs
    coffee-script-source (1.9.1)
    compass (1.0.3)
      chunky_png (~> 1.2)
      compass-core (~> 1.0.2)
      compass-import-once (~> 1.0.5)
      rb-fsevent (>= 0.9.3)
      rb-inotify (>= 0.9)
      sass (>= 3.3.13, < 3.5)
    compass-core (1.0.3)
      multi_json (~> 1.0)
      sass (>= 3.3.0, < 3.5)
    compass-import-once (1.0.5)
      sass (>= 3.2, < 3.5)
    compass-rails (2.0.4)
      compass (~> 1.0.0)
      sass-rails (<= 5.0.1)
      sprockets (< 2.13)
    devise (3.4.1)
      bcrypt (~> 3.0)
      orm_adapter (~> 0.1)
      railties (>= 3.2.6, < 5)
      responders
      thread_safe (~> 0.1)
      warden (~> 1.2.3)
    dropbox-sdk (1.6.4)
      json
    ember-auth-module-action_redirectable-rails (1.0.0)
      ember-auth-module-action_redirectable-source
      rails
    ember-auth-module-action_redirectable-source (1.0.2)
      ember-auth-source (~> 9.0)
      ember-source (~> 1.0)
    ember-auth-module-auth_redirectable-rails (1.0.0)
      ember-auth-module-auth_redirectable-source
      rails
    ember-auth-module-auth_redirectable-source (1.0.3)
      ember-auth-source (~> 9.0)
      ember-source (~> 1.0)
    ember-auth-module-ember_data-rails (1.0.0)
      ember-auth-module-ember_data-source
      rails
    ember-auth-module-ember_data-source (1.0.2)
      ember-auth-source (~> 9.0)
      ember-data-source (>= 1.0.0.beta.1, < 2.0)
      ember-source (~> 1.0)
    ember-auth-module-rememberable-rails (1.0.0)
      ember-auth-module-rememberable-source
      rails
    ember-auth-module-rememberable-source (1.0.3)
      ember-auth-source (~> 9.0)
      ember-source (~> 1.0)
    ember-auth-rails (5.0.1)
      ember-auth-source (>= 8.0.0)
      rails
    ember-auth-request-jquery-rails (1.0.0)
      ember-auth-request-jquery-source
      rails
    ember-auth-request-jquery-source (1.0.3)
      ember-auth-source (~> 9.0)
      ember-source (~> 1.0)
    ember-auth-response-json-rails (1.0.0)
      ember-auth-response-json-source
      rails
    ember-auth-response-json-source (1.0.2)
      ember-auth-source (~> 9.0)
      ember-source (~> 1.0)
    ember-auth-session-cookie-rails (1.0.0)
      ember-auth-session-cookie-source
      rails
    ember-auth-session-cookie-source (1.0.1)
      ember-auth-source (~> 9.0)
      ember-source (~> 1.0)
    ember-auth-source (9.0.7)
      ember-source (>= 1.0.0.rc6.2)
    ember-auth-strategy-token-rails (1.0.0)
      ember-auth-strategy-token-source
      rails
    ember-auth-strategy-token-source (1.0.2)
      ember-auth-source (~> 9.0)
      ember-source (~> 1.0)
    ember-data-source (1.0.0.beta.15)
      ember-source (~> 1.8)
    ember-rails (0.16.4)
      active_model_serializers
      barber (>= 0.6.0)
      ember-data-source (>= 1.0.0.beta.5)
      ember-source (>= 1.1.0)
      execjs (>= 1.2)
      handlebars-source (> 1.0.0, < 3)
      jquery-rails (>= 1.0.17)
      railties (>= 3.1)
    ember-source (1.8.1)
      handlebars-source (~> 1.0)
    emblem-rails (0.2.2)
      barber-emblem (~> 0.1.1)
      ember-rails (>= 0.14.0)
    emblem-source (0.3.18)
    erubis (2.7.0)
    execjs (2.3.0)
    ffi (1.9.6)
    formtastic (3.1.3)
      actionpack (>= 3.2.13)
    formtastic_i18n (0.1.1)
    globalid (0.3.3)
      activesupport (>= 4.1.0)
    handlebars-source (1.3.0)
    has_scope (0.6.0)
      actionpack (>= 3.2, < 5)
      activesupport (>= 3.2, < 5)
    hike (1.2.3)
    i18n (0.7.0)
    inherited_resources (1.6.0)
      actionpack (>= 3.2, < 5)
      has_scope (~> 0.6.0.rc)
      railties (>= 3.2, < 5)
      responders
    jbuilder (2.2.8)
      activesupport (>= 3.0.0, < 5)
      multi_json (~> 1.2)
    jquery-rails (4.0.3)
      rails-dom-testing (~> 1.0)
      railties (>= 4.2.0)
      thor (>= 0.14, < 2.0)
    jquery-ui-rails (5.0.3)
      railties (>= 3.2.16)
    json (1.8.2)
    kaminari (0.16.3)
      actionpack (>= 3.0.0)
      activesupport (>= 3.0.0)
    kgio (2.9.3)
    loofah (2.0.1)
      nokogiri (>= 1.5.9)
    mail (2.6.3)
      mime-types (>= 1.16, < 3)
    mime-types (2.4.3)
    mini_portile (0.6.2)
    minitest (5.5.1)
    multi_json (1.10.1)
    mysql2 (0.3.18)
    nokogiri (1.6.6.2)
      mini_portile (~> 0.6.0)
    orm_adapter (0.5.0)
    paperclip (4.2.1)
      activemodel (>= 3.0.0)
      activesupport (>= 3.0.0)
      cocaine (~> 0.5.3)
      mime-types
    polyamorous (1.1.0)
      activerecord (>= 3.0)
    rack (1.6.0)
    rack-test (0.6.3)
      rack (>= 1.0)
    rails (4.2.0)
      actionmailer (= 4.2.0)
      actionpack (= 4.2.0)
      actionview (= 4.2.0)
      activejob (= 4.2.0)
      activemodel (= 4.2.0)
      activerecord (= 4.2.0)
      activesupport (= 4.2.0)
      bundler (>= 1.3.0, < 2.0)
      railties (= 4.2.0)
      sprockets-rails
    rails-deprecated_sanitizer (1.0.3)
      activesupport (>= 4.2.0.alpha)
    rails-dom-testing (1.0.5)
      activesupport (>= 4.2.0.beta, < 5.0)
      nokogiri (~> 1.6.0)
      rails-deprecated_sanitizer (>= 1.0.1)
    rails-html-sanitizer (1.0.1)
      loofah (~> 2.0)
    railties (4.2.0)
      actionpack (= 4.2.0)
      activesupport (= 4.2.0)
      rake (>= 0.8.7)
      thor (>= 0.18.1, < 2.0)
    raindrops (0.13.0)
    rake (10.4.2)
    ransack (1.6.3)
      actionpack (>= 3.0)
      activerecord (>= 3.0)
      activesupport (>= 3.0)
      i18n
      polyamorous (~> 1.1)
    rb-fsevent (0.9.4)
    rb-inotify (0.9.5)
      ffi (>= 0.5.0)
    rdoc (4.2.0)
      json (~> 1.4)
    responders (2.1.0)
      railties (>= 4.2.0, < 5)
    sass (3.4.12)
    sass-rails (5.0.1)
      railties (>= 4.0.0, < 5.0)
      sass (~> 3.1)
      sprockets (>= 2.8, < 4.0)
      sprockets-rails (>= 2.0, < 4.0)
      tilt (~> 1.1)
    sdoc (0.4.1)
      json (~> 1.7, >= 1.7.7)
      rdoc (~> 4.0)
    spring (1.3.2)
    sprockets (2.12.3)
      hike (~> 1.2)
      multi_json (~> 1.0)
      rack (~> 1.0)
      tilt (~> 1.1, != 1.3.0)
    sprockets-rails (2.2.4)
      actionpack (>= 3.0)
      activesupport (>= 3.0)
      sprockets (>= 2.8, < 4.0)
    thor (0.19.1)
    thread_safe (0.3.4)
    tilt (1.4.1)
    tzinfo (1.2.2)
      thread_safe (~> 0.1)
    uglifier (2.7.0)
      execjs (>= 0.3.0)
      json (>= 1.8.0)
    unicorn (4.8.3)
      kgio (~> 2.6)
      rack
      raindrops (~> 0.7)
    warden (1.2.3)
      rack (>= 1.0)

PLATFORMS
  ruby

DEPENDENCIES
  active_model_serializers (~> 0.8.1)
  activeadmin!
  coffee-rails (~> 4.1.0)
  compass-rails
  devise
  dropbox-sdk
  ember-auth-module-action_redirectable-rails (~> 1.0)
  ember-auth-module-auth_redirectable-rails (~> 1.0)
  ember-auth-module-ember_data-rails (~> 1.0)
  ember-auth-module-rememberable-rails (~> 1.0)
  ember-auth-rails (~> 5.0)
  ember-auth-request-jquery-rails (~> 1.0)
  ember-auth-response-json-rails (~> 1.0)
  ember-auth-session-cookie-rails (~> 1.0)
  ember-auth-strategy-token-rails (~> 1.0)
  ember-rails
  ember-source (~> 1.8.1)
  emblem-rails (~> 0.2.1)
  emblem-source (~> 0.3.18)
  jbuilder (~> 2.0)
  jquery-rails
  mysql2
  paperclip
  rails (= 4.2.0)
  sass-rails (~> 5)
  sdoc (~> 0.4.0)
  spring
  uglifier (>= 1.3.0)
  unicorn
